GIT
  remote: git://github.com/cnosuke/ruboty-tenkijp
  revision: 0ef6578aea4be35a081d8a3e81ce65d9677bc8c4
  specs:
    ruboty-tenkijp (0.1.0)
      tenkijp

GEM
  remote: https://rubygems.org/
  specs:
    activesupport (4.2.4)
      i18n (~> 0.7)
      json (~> 1.7, >= 1.7.7)
      minitest (~> 5.1)
      thread_safe (~> 0.3, >= 0.3.4)
      tzinfo (~> 1.1)
    addressable (2.3.8)
    chrono (0.1.0)
      activesupport
    docomoru (0.1.3)
      activesupport
      faraday
      faraday_middleware
      json
      rack
      slop
    domain_name (0.5.24)
      unf (>= 0.0.5, < 1.0.0)
    dotenv (2.0.2)
    faraday (0.9.1)
      multipart-post (>= 1.2, < 3)
    faraday_middleware (0.10.0)
      faraday (>= 0.7.4, < 0.10)
    hashie (3.4.2)
    http-cookie (1.0.2)
      domain_name (~> 0.5)
    i18n (0.7.0)
    jisx0402 (0.1.2)
    json (1.8.3)
    mem (0.1.5)
    mime-types (2.6.2)
    minitest (5.8.0)
    multi_xml (0.5.5)
    multipart-post (2.0.0)
    netrc (0.10.3)
    octokit (4.1.0)
      sawyer (~> 0.6.0, >= 0.5.3)
    rack (1.6.4)
    redis (3.2.1)
    redis-namespace (1.5.2)
      redis (~> 3.0, >= 3.0.4)
    rest-client (1.8.0)
      http-cookie (>= 1.0.2, < 2.0)
      mime-types (>= 1.16, < 3.0)
      netrc (~> 0.7)
    ruboty (1.2.2)
      activesupport
      bundler
      dotenv
      mem
      slop
    ruboty-alias (0.0.8)
      ruboty (>= 1.1.1)
    ruboty-cron (1.0.2)
      activesupport
      chrono
      ruboty (>= 0.2.0)
    ruboty-echo (0.1.0)
      ruboty
    ruboty-fx (0.3.1)
      rest-client
    ruboty-github (0.2.0)
      activesupport
      octokit
      ruboty
    ruboty-google_image (0.0.7)
      faraday
      faraday_middleware
      ruboty
    ruboty-redis (0.0.6)
      redis
      redis-namespace
      ruboty
    ruboty-shonin (0.1.2)
      ruboty
    ruboty-slack (0.1.12)
      ruboty (>= 1.0.4)
      xrc (>= 0.1.8)
    ruboty-syoboi_calendar (0.0.7)
      activesupport
      ruboty
      syoboi_calendar (= 0.3.1)
    ruboty-talk (0.0.5)
      docomoru (>= 0.0.3)
      ruboty (>= 1.1.0)
    ruboty-tiqav (0.1.0)
      ruboty
      tiqav
    ruboty-weather (0.0.5)
      faraday
      faraday_middleware
      ruboty (>= 0.2.0)
    sawyer (0.6.0)
      addressable (~> 2.3.5)
      faraday (~> 0.8, < 0.10)
    slop (4.2.0)
    syoboi_calendar (0.3.1)
      activesupport
      faraday
      faraday_middleware
      hashie
      multi_xml
    tenkijp (0.1.3)
      jisx0402
      rest-client
    thread_safe (0.3.5)
    tiqav (0.0.6)
      addressable
      json
    tzinfo (1.2.2)
      thread_safe (~> 0.1)
    unf (0.1.4)
      unf_ext
    unf_ext (0.0.7.1)
    xrc (0.1.8)
      activesupport

PLATFORMS
  ruby

DEPENDENCIES
  ruboty
  ruboty-alias
  ruboty-cron
  ruboty-echo
  ruboty-fx
  ruboty-github
  ruboty-google_image
  ruboty-redis
  ruboty-shonin
  ruboty-slack
  ruboty-syoboi_calendar
  ruboty-talk
  ruboty-tenkijp!
  ruboty-tiqav
  ruboty-weather

BUNDLED WITH
   1.10.5
